GEM
  remote: https://rubygems.org/
  specs:
    action_text-trix (2.1.15)
      railties
    actioncable (8.1.1)
      actionpack (= 8.1.1)
      activesupport (= 8.1.1)
      nio4r (~> 2.0)
      websocket-driver (>= 0.6.1)
      zeitwerk (~> 2.6)
    actionmailbox (8.1.1)
      actionpack (= 8.1.1)
      activejob (= 8.1.1)
      activerecord (= 8.1.1)
      activestorage (= 8.1.1)
      activesupport (= 8.1.1)
      mail (>= 2.8.0)
    actionmailer (8.1.1)
      actionpack (= 8.1.1)
      actionview (= 8.1.1)
      activejob (= 8.1.1)
      activesupport (= 8.1.1)
      mail (>= 2.8.0)
      rails-dom-testing (~> 2.2)
    actionpack (8.1.1)
      actionview (= 8.1.1)
      activesupport (= 8.1.1)
      nokogiri (>= 1.8.5)
      rack (>= 2.2.4)
      rack-session (>= 1.0.1)
      rack-test (>= 0.6.3)
      rails-dom-testing (~> 2.2)
      rails-html-sanitizer (~> 1.6)
      useragent (~> 0.16)
    actiontext (8.1.1)
      action_text-trix (~> 2.1.15)
      actionpack (= 8.1.1)
      activerecord (= 8.1.1)
      activestorage (= 8.1.1)
      activesupport (= 8.1.1)
      globalid (>= 0.6.0)
      nokogiri (>= 1.8.5)
    actionview (8.1.1)
      activesupport (= 8.1.1)
      builder (~> 3.1)
      erubi (~> 1.11)
      rails-dom-testing (~> 2.2)
      rails-html-sanitizer (~> 1.6)
    activejob (8.1.1)
      activesupport (= 8.1.1)
      globalid (>= 0.3.6)
    activemodel (8.1.1)
      activesupport (= 8.1.1)
    activerecord (8.1.1)
      activemodel (= 8.1.1)
      activesupport (= 8.1.1)
      timeout (>= 0.4.0)
    activestorage (8.1.1)
      actionpack (= 8.1.1)
      activejob (= 8.1.1)
      activerecord (= 8.1.1)
      activesupport (= 8.1.1)
      marcel (~> 1.0)
    activesupport (8.1.1)
      base64
      bigdecimal
      concurrent-ruby (~> 1.0, >= 1.3.1)
      connection_pool (>= 2.2.5)
      drb
      i18n (>= 1.6, < 2)
      json
      logger (>= 1.4.2)
      minitest (>= 5.1)
      securerandom (>= 0.3)
      tzinfo (~> 2.0, >= 2.0.5)
      uri (>= 0.13.1)
    addressable (2.8.7)
      public_suffix (>= 2.0.2, < 7.0)
    amazing_print (2.0.0)
    annotaterb (4.19.0)
      activerecord (>= 6.0.0)
      activesupport (>= 6.0.0)
    ast (2.4.3)
    base64 (0.3.0)
    bcrypt (3.1.20)
    bigdecimal (3.3.1)
    bindex (0.8.1)
    bootsnap (1.18.6)
      msgpack (~> 1.2)
    brakeman (7.1.0)
      racc
    builder (3.3.0)
    capybara (3.40.0)
      addressable
      matrix
      mini_mime (>= 0.1.3)
      nokogiri (~> 1.11)
      rack (>= 1.6.0)
      rack-test (>= 0.6.3)
      regexp_parser (>= 1.5, < 3.0)
      xpath (~> 3.2)
    coderay (1.1.3)
    colorize (1.1.0)
    concurrent-ruby (1.3.5)
    connection_pool (2.5.4)
    crass (1.0.6)
    date (3.5.0)
    debug (1.11.0)
      irb (~> 1.10)
      reline (>= 0.3.8)
    declarative (0.0.20)
    devise (4.9.4)
      bcrypt (~> 3.0)
      orm_adapter (~> 0.1)
      railties (>= 4.1.0)
      responders
      warden (~> 1.2.3)
    drb (2.2.3)
    em-websocket (0.5.3)
      eventmachine (>= 0.12.9)
      http_parser.rb (~> 0)
    erb (5.1.3)
    erubi (1.13.1)
    et-orbi (1.3.0)
      tzinfo
    eventmachine (1.2.7)
    factory_bot (6.5.5)
      activesupport (>= 6.1.0)
    factory_bot_rails (6.5.1)
      factory_bot (~> 6.5)
      railties (>= 6.1.0)
    faker (3.5.2)
      i18n (>= 1.8.11, < 2)
    faraday (2.13.2)
      faraday-net_http (>= 2.0, < 3.5)
      json
      logger
    faraday-net_http (3.4.1)
      net-http (>= 0.5.0)
    ffi (1.17.2-aarch64-linux-gnu)
    ffi (1.17.2-aarch64-linux-musl)
    ffi (1.17.2-arm-linux-gnu)
    ffi (1.17.2-arm-linux-musl)
    ffi (1.17.2-arm64-darwin)
    ffi (1.17.2-x86_64-darwin)
    ffi (1.17.2-x86_64-linux-gnu)
    ffi (1.17.2-x86_64-linux-musl)
    font-awesome-sass (6.7.2)
      sassc (~> 2.0)
    formatador (1.1.0)
    fugit (1.11.2)
      et-orbi (~> 1, >= 1.2.11)
      raabro (~> 1.4)
    globalid (1.3.0)
      activesupport (>= 6.1)
    good_job (4.12.0)
      activejob (>= 6.1.0)
      activerecord (>= 6.1.0)
      concurrent-ruby (>= 1.3.1)
      fugit (>= 1.11.0)
      railties (>= 6.1.0)
      thor (>= 1.0.0)
    google-apis-core (0.18.0)
      addressable (~> 2.5, >= 2.5.1)
      googleauth (~> 1.9)
      httpclient (>= 2.8.3, < 3.a)
      mini_mime (~> 1.0)
      mutex_m
      representable (~> 3.0)
      retriable (>= 2.0, < 4.a)
    google-apis-gmail_v1 (0.45.0)
      google-apis-core (>= 0.15.0, < 2.a)
    google-cloud-env (2.3.1)
      base64 (~> 0.2)
      faraday (>= 1.0, < 3.a)
    google-logging-utils (0.2.0)
    googleauth (1.14.0)
      faraday (>= 1.0, < 3.a)
      google-cloud-env (~> 2.2)
      google-logging-utils (~> 0.1)
      jwt (>= 1.4, < 3.0)
      multi_json (~> 1.11)
      os (>= 0.9, < 2.0)
      signet (>= 0.16, < 2.a)
    guard (2.19.1)
      formatador (>= 0.2.4)
      listen (>= 2.7, < 4.0)
      logger (~> 1.6)
      lumberjack (>= 1.0.12, < 2.0)
      nenv (~> 0.1)
      notiffany (~> 0.0)
      ostruct (~> 0.6)
      pry (>= 0.13.0)
      shellany (~> 0.0)
      thor (>= 0.18.1)
    guard-compat (1.2.1)
    guard-livereload (2.5.2)
      em-websocket (~> 0.5)
      guard (~> 2.8)
      guard-compat (~> 1.0)
      multi_json (~> 1.8)
    hashie (5.0.0)
    honeybadger (6.1.3)
      logger
      ostruct
    http_parser.rb (0.8.0)
    httpclient (2.9.0)
      mutex_m
    i18n (1.14.7)
      concurrent-ruby (~> 1.0)
    importmap-rails (2.2.2)
      actionpack (>= 6.0.0)
      activesupport (>= 6.0.0)
      railties (>= 6.0.0)
    io-console (0.8.1)
    irb (1.15.2)
      pp (>= 0.6.0)
      rdoc (>= 4.0.0)
      reline (>= 0.4.2)
    jbuilder (2.14.1)
      actionview (>= 7.0.0)
      activesupport (>= 7.0.0)
    json (2.15.2)
    jwt (2.10.2)
      base64
    kaminari (1.2.2)
      activesupport (>= 4.1.0)
      kaminari-actionview (= 1.2.2)
      kaminari-activerecord (= 1.2.2)
      kaminari-core (= 1.2.2)
    kaminari-actionview (1.2.2)
      actionview
      kaminari-core (= 1.2.2)
    kaminari-activerecord (1.2.2)
      activerecord
      kaminari-core (= 1.2.2)
    kaminari-core (1.2.2)
    language_server-protocol (3.17.0.4)
    lint_roller (1.1.0)
    listen (3.9.0)
      rb-fsevent (~> 0.10, >= 0.10.3)
      rb-inotify (~> 0.9, >= 0.9.10)
    logger (1.7.0)
    loofah (2.24.1)
      crass (~> 1.0.2)
      nokogiri (>= 1.12.0)
    lumberjack (1.2.10)
    mail (2.9.0)
      logger
      mini_mime (>= 0.1.1)
      net-imap
      net-pop
      net-smtp
    marcel (1.1.0)
    matrix (0.4.2)
    method_source (1.1.0)
    mini_mime (1.1.5)
    minitest (5.26.0)
    mocha (2.7.1)
      ruby2_keywords (>= 0.0.5)
    msgpack (1.8.0)
    multi_json (1.15.0)
    multi_xml (0.7.1)
      bigdecimal (~> 3.1)
    mutex_m (0.3.0)
    nenv (0.3.0)
    net-http (0.6.0)
      uri
    net-imap (0.5.12)
      date
      net-protocol
    net-pop (0.1.2)
      net-protocol
    net-protocol (0.2.2)
      timeout
    net-smtp (0.5.1)
      net-protocol
    nio4r (2.7.4)
    nokogiri (1.18.10-aarch64-linux-gnu)
      racc (~> 1.4)
    nokogiri (1.18.10-aarch64-linux-musl)
      racc (~> 1.4)
    nokogiri (1.18.10-arm-linux-gnu)
      racc (~> 1.4)
    nokogiri (1.18.10-arm-linux-musl)
      racc (~> 1.4)
    nokogiri (1.18.10-arm64-darwin)
      racc (~> 1.4)
    nokogiri (1.18.10-x86_64-darwin)
      racc (~> 1.4)
    nokogiri (1.18.10-x86_64-linux-gnu)
      racc (~> 1.4)
    nokogiri (1.18.10-x86_64-linux-musl)
      racc (~> 1.4)
    notiffany (0.1.3)
      nenv (~> 0.1)
      shellany (~> 0.0)
    oauth2 (2.0.9)
      faraday (>= 0.17.3, < 3.0)
      jwt (>= 1.0, < 3.0)
      multi_xml (~> 0.5)
      rack (>= 1.2, < 4)
      snaky_hash (~> 2.0)
      version_gem (~> 1.1)
    omniauth (2.1.3)
      hashie (>= 3.4.6)
      rack (>= 2.2.3)
      rack-protection
    omniauth-google-oauth2 (1.2.1)
      jwt (>= 2.9.2)
      oauth2 (~> 2.0)
      omniauth (~> 2.0)
      omniauth-oauth2 (~> 1.8)
    omniauth-oauth2 (1.8.0)
      oauth2 (>= 1.4, < 3)
      omniauth (~> 2.0)
    omniauth-rails_csrf_protection (1.0.2)
      actionpack (>= 4.2)
      omniauth (~> 2.0)
    orm_adapter (0.5.0)
    os (1.1.4)
    ostruct (0.6.3)
    parallel (1.27.0)
    parser (3.3.8.0)
      ast (~> 2.4.1)
      racc
    pg (1.6.2)
    pg (1.6.2-aarch64-linux)
    pg (1.6.2-aarch64-linux-musl)
    pg (1.6.2-arm64-darwin)
    pg (1.6.2-x86_64-darwin)
    pg (1.6.2-x86_64-linux)
    pg (1.6.2-x86_64-linux-musl)
    pp (0.6.3)
      prettyprint
    prettyprint (0.2.0)
    prism (1.6.0)
    pry (0.15.2)
      coderay (~> 1.1)
      method_source (~> 1.0)
    psych (5.2.6)
      date
      stringio
    public_suffix (6.0.2)
    puma (7.0.4)
      nio4r (~> 2.0)
    raabro (1.4.0)
    racc (1.8.1)
    rack (3.1.18)
    rack-livereload (0.6.1)
      rack (>= 3.0, < 3.2)
    rack-protection (4.1.1)
      base64 (>= 0.1.0)
      logger (>= 1.6.0)
      rack (>= 3.0.0, < 4)
    rack-session (2.1.1)
      base64 (>= 0.1.0)
      rack (>= 3.0.0)
    rack-test (2.2.0)
      rack (>= 1.3)
    rackup (2.2.1)
      rack (>= 3)
    rails (8.1.1)
      actioncable (= 8.1.1)
      actionmailbox (= 8.1.1)
      actionmailer (= 8.1.1)
      actionpack (= 8.1.1)
      actiontext (= 8.1.1)
      actionview (= 8.1.1)
      activejob (= 8.1.1)
      activemodel (= 8.1.1)
      activerecord (= 8.1.1)
      activestorage (= 8.1.1)
      activesupport (= 8.1.1)
      bundler (>= 1.15.0)
      railties (= 8.1.1)
    rails-dom-testing (2.3.0)
      activesupport (>= 5.0.0)
      minitest
      nokogiri (>= 1.6)
    rails-html-sanitizer (1.6.2)
      loofah (~> 2.21)
      nokogiri (>= 1.15.7, != 1.16.7, != 1.16.6, != 1.16.5, != 1.16.4, != 1.16.3, != 1.16.2, != 1.16.1, != 1.16.0.rc1, != 1.16.0)
    railties (8.1.1)
      actionpack (= 8.1.1)
      activesupport (= 8.1.1)
      irb (~> 1.13)
      rackup (>= 1.0.0)
      rake (>= 12.2)
      thor (~> 1.0, >= 1.2.2)
      tsort (>= 0.2)
      zeitwerk (~> 2.6)
    rainbow (3.1.1)
    rake (13.3.1)
    rb-fsevent (0.11.2)
    rb-inotify (0.11.1)
      ffi (~> 1.0)
    rdoc (6.15.0)
      erb
      psych (>= 4.0.0)
      tsort
    redcarpet (3.6.1)
    regexp_parser (2.10.0)
    reline (0.6.2)
      io-console (~> 0.5)
    representable (3.2.0)
      declarative (< 0.1.0)
      trailblazer-option (>= 0.1.1, < 0.2.0)
      uber (< 0.2.0)
    responders (3.1.1)
      actionpack (>= 5.2)
      railties (>= 5.2)
    retriable (3.1.2)
    rexml (3.4.4)
    rubocop (1.75.2)
      json (~> 2.3)
      language_server-protocol (~> 3.17.0.2)
      lint_roller (~> 1.1.0)
      parallel (~> 1.10)
      parser (>= 3.3.0.2)
      rainbow (>= 2.2.2, < 4.0)
      regexp_parser (>= 2.9.3, < 3.0)
      rubocop-ast (>= 1.44.0, < 2.0)
      ruby-progressbar (~> 1.7)
      unicode-display_width (>= 2.4.0, < 4.0)
    rubocop-ast (1.44.1)
      parser (>= 3.3.7.2)
      prism (~> 1.4)
    rubocop-performance (1.25.0)
      lint_roller (~> 1.1)
      rubocop (>= 1.75.0, < 2.0)
      rubocop-ast (>= 1.38.0, < 2.0)
    rubocop-rails (2.31.0)
      activesupport (>= 4.2.0)
      lint_roller (~> 1.1)
      rack (>= 1.1)
      rubocop (>= 1.75.0, < 2.0)
      rubocop-ast (>= 1.38.0, < 2.0)
    rubocop-rails-omakase (1.1.0)
      rubocop (>= 1.72)
      rubocop-performance (>= 1.24)
      rubocop-rails (>= 2.30)
    ruby-progressbar (1.13.0)
    ruby2_keywords (0.0.5)
    rubyzip (3.2.1)
    sassc (2.4.0)
      ffi (~> 1.9)
    securerandom (0.4.1)
    selenium-webdriver (4.38.0)
      base64 (~> 0.2)
      logger (~> 1.4)
      rexml (~> 3.2, >= 3.2.5)
      rubyzip (>= 1.2.2, < 4.0)
      websocket (~> 1.0)
    shellany (0.0.1)
    signet (0.20.0)
      addressable (~> 2.8)
      faraday (>= 0.17.5, < 3.a)
      jwt (>= 1.5, < 3.0)
      multi_json (~> 1.10)
    snaky_hash (2.0.1)
      hashie
      version_gem (~> 1.1, >= 1.1.1)
    sprockets (4.2.1)
      concurrent-ruby (~> 1.0)
      rack (>= 2.2.4, < 4)
    sprockets-rails (3.5.2)
      actionpack (>= 6.1)
      activesupport (>= 6.1)
      sprockets (>= 3.0.0)
    stimulus-rails (1.3.4)
      railties (>= 6.0.0)
    stringio (3.1.7)
    stripe (17.1.0)
    tailwindcss-rails (3.3.2)
      railties (>= 7.0.0)
      tailwindcss-ruby (~> 3.0)
    tailwindcss-ruby (3.4.17-aarch64-linux)
    tailwindcss-ruby (3.4.17-arm-linux)
    tailwindcss-ruby (3.4.17-arm64-darwin)
    tailwindcss-ruby (3.4.17-x86_64-darwin)
    tailwindcss-ruby (3.4.17-x86_64-linux)
    thor (1.4.0)
    timeout (0.4.4)
    trailblazer-option (0.1.2)
    tsort (0.2.0)
    turbo-rails (2.0.20)
      actionpack (>= 7.1.0)
      railties (>= 7.1.0)
    tzinfo (2.0.6)
      concurrent-ruby (~> 1.0)
    uber (0.1.0)
    unicode-display_width (3.1.4)
      unicode-emoji (~> 4.0, >= 4.0.4)
    unicode-emoji (4.0.4)
    uri (1.0.4)
    useragent (0.16.11)
    version_gem (1.1.7)
    view_component (4.1.0)
      activesupport (>= 7.1.0, < 8.2)
      concurrent-ruby (~> 1)
    warden (1.2.9)
      rack (>= 2.0.9)
    web-console (4.2.1)
      actionview (>= 6.0.0)
      activemodel (>= 6.0.0)
      bindex (>= 0.4.0)
      railties (>= 6.0.0)
    websocket (1.2.11)
    websocket-driver (0.8.0)
      base64
      websocket-extensions (>= 0.1.0)
    websocket-extensions (0.1.5)
    xpath (3.2.0)
      nokogiri (~> 1.8)
    zeitwerk (2.7.3)

PLATFORMS
  aarch64-linux
  aarch64-linux-gnu
  aarch64-linux-musl
  arm-linux
  arm-linux-gnu
  arm-linux-musl
  arm64-darwin
  x86_64-darwin
  x86_64-linux
  x86_64-linux-gnu
  x86_64-linux-musl

DEPENDENCIES
  amazing_print
  annotaterb
  bootsnap
  brakeman (~> 7.1.0)
  capybara
  colorize
  debug
  devise
  factory_bot_rails
  faker
  font-awesome-sass
  good_job
  google-apis-gmail_v1 (~> 0.45.0)
  guard-livereload (~> 2.5)
  honeybadger (~> 6.1)
  importmap-rails
  jbuilder
  kaminari
  mocha
  omniauth-google-oauth2
  omniauth-rails_csrf_protection
  pg (~> 1.6)
  puma (>= 5.0)
  rack-livereload
  rails (~> 8.1.1)
  redcarpet
  rubocop-rails-omakase
  selenium-webdriver
  sprockets-rails
  stimulus-rails
  stripe
  tailwindcss-rails (~> 3.3.2)
  turbo-rails
  tzinfo-data
  view_component
  web-console

BUNDLED WITH
   2.6.8
